GEM
  remote: http://rubygems.org/
  remote: http://rubygems.org/
  specs:
    actionmailer (3.2.0)
      actionpack (= 3.2.0)
      mail (~> 2.4.0)
    actionpack (3.2.0)
      activemodel (= 3.2.0)
      activesupport (= 3.2.0)
      builder (~> 3.0.0)
      erubis (~> 2.7.0)
      journey (~> 1.0.0)
      rack (~> 1.4.0)
      rack-cache (~> 1.1)
      rack-test (~> 0.6.1)
      sprockets (~> 2.1.2)
    activemodel (3.2.0)
      activesupport (= 3.2.0)
      builder (~> 3.0.0)
    activerecord (3.2.0)
      activemodel (= 3.2.0)
      activesupport (= 3.2.0)
      arel (~> 3.0.0)
      tzinfo (~> 0.3.29)
    activeresource (3.2.0)
      activemodel (= 3.2.0)
      activesupport (= 3.2.0)
    activesupport (3.2.0)
      i18n (~> 0.6)
      multi_json (~> 1.0)
    arel (3.0.2)
    aws-s3 (0.6.2)
      builder
      mime-types
      xml-simple
    aws-sdk (1.5.2)
      httparty (~> 0.7)
      json (~> 1.4)
      nokogiri (>= 1.4.4)
      uuidtools (~> 2.1)
    bbenezech-nested_form (0.0.6)
    bcrypt-ruby (3.0.1-x86-mingw32)
    bootstrap-sass (2.0.3)
    builder (3.0.0)
    cancan (1.6.7)
    chunky_png (1.2.5)
    classy_enum (2.0.3)
      rails (>= 3.0.0)
    cocaine (0.2.1)
    coffee-rails (3.2.2)
      coffee-script (>= 2.2.0)
      railties (~> 3.2.0)
    coffee-script (2.2.0)
      coffee-script-source
      execjs
    coffee-script-source (1.3.3)
    columnize (0.3.6)
    compass (0.12.1)
      chunky_png (~> 1.2)
      fssm (>= 0.2.7)
      sass (~> 3.1)
    date_validator (0.6.3)
      activemodel (~> 3.0)
    debugger (1.2.0)
      columnize (>= 0.3.1)
      debugger-linecache (~> 1.1.1)
      debugger-ruby_core_source (~> 1.1.3)
    debugger-linecache (1.1.2)
      debugger-ruby_core_source (>= 1.1.1)
    debugger-ruby_core_source (1.1.3)
    delayed_job (3.0.2)
      activesupport (~> 3.0)
    delayed_job_active_record (0.3.2)
      activerecord (> 2.1.0)
      delayed_job (~> 3.0.0)
    devise (2.1.0)
      bcrypt-ruby (~> 3.0)
      orm_adapter (~> 0.0.7)
      railties (~> 3.1)
      warden (~> 1.1.1)
    erubis (2.7.0)
    execjs (1.4.0)
      multi_json (~> 1.0)
    factory_girl (3.3.0)
      activesupport (>= 3.0.0)
    factory_girl_rails (3.3.0)
      factory_girl (~> 3.3.0)
      railties (>= 3.0.0)
    faraday (0.8.0)
      multipart-post (~> 1.1)
    foreman (0.46.0-x86-mingw32)
      thor (>= 0.13.6)
      win32console (~> 1.3.0)
    fssm (0.2.9)
    geocoder (1.1.1)
    haml (3.1.6)
    hashie (1.2.0)
    hike (1.2.1)
    hirefireapp (0.0.8)
    hpricot (0.8.6)
    httparty (0.8.3)
      multi_json (~> 1.0)
      multi_xml
    httpauth (0.1)
    i18n (0.6.0)
    icalendar (1.1.6)
    journey (1.0.3)
    jquery-rails (2.0.2)
      railties (>= 3.2.0, < 5.0)
      thor (~> 0.14)
    jquery-ui-rails (0.2.2)
      jquery-rails
      railties (>= 3.1.0)
    jquery_datepicker (0.3.4)
    jquery_mobile_rails (1.1.0)
      rails (>= 3.1.0)
    json (1.7.3)
    kaminari (0.13.0)
      actionpack (>= 3.0.0)
      activesupport (>= 3.0.0)
      railties (>= 3.0.0)
    mail (2.4.4)
      i18n (>= 0.4.0)
      mime-types (~> 1.16)
      treetop (~> 1.4.8)
    mime-types (1.18)
    mobylette (2.3)
      actionpack (>= 3.0)
    multi_json (1.3.5)
    multi_xml (0.5.1)
    multipart-post (1.1.5)
    mysql2 (0.3.11-x86-mingw32)
    newrelic_rpm (3.3.4.1)
    nokogiri (1.5.2-x86-mingw32)
    oauth (0.4.6)
    oauth2 (0.6.1)
      faraday (~> 0.7)
      httpauth (~> 0.1)
      multi_json (~> 1.3)
    omniauth (1.1.0)
      hashie (~> 1.2)
      rack
    omniauth-facebook (1.3.0)
      omniauth-oauth2 (~> 1.0.2)
    omniauth-google-oauth2 (0.1.9)
      omniauth (~> 1.0)
      omniauth-oauth2
    omniauth-oauth (1.0.1)
      oauth
      omniauth (~> 1.0)
    omniauth-oauth2 (1.0.2)
      oauth2 (~> 0.6.0)
      omniauth (~> 1.0)
    omniauth-twitter (0.0.11)
      multi_json (~> 1.3)
      omniauth-oauth (~> 1.0)
    orm_adapter (0.0.7)
    paperclip (3.0.3)
      activemodel (>= 3.0.0)
      activerecord (>= 3.0.0)
      activesupport (>= 3.0.0)
      cocaine (>= 0.0.2)
      mime-types
    polyamorous (0.5.0)
      activerecord (~> 3.0)
    polyglot (0.3.3)
    rack (1.4.1)
    rack-cache (1.2)
      rack (>= 0.4)
    rack-pjax (0.5.9)
      hpricot (~> 0.8.6)
      rack (~> 1.3)
    rack-ssl (1.3.2)
      rack
    rack-test (0.6.1)
      rack (>= 1.0)
    rails (3.2.0)
      actionmailer (= 3.2.0)
      actionpack (= 3.2.0)
      activerecord (= 3.2.0)
      activeresource (= 3.2.0)
      activesupport (= 3.2.0)
      bundler (~> 1.0)
      railties (= 3.2.0)
    rails-footnotes (3.7.8)
      rails (>= 3.0.0)
    rails_admin (0.0.4)
      bbenezech-nested_form (~> 0.0.6)
      bootstrap-sass (~> 2.0, >= 2.0.3)
      builder (~> 3.0)
      coffee-rails (~> 3.1)
      haml (~> 3.1)
      jquery-rails (>= 1.0.17)
      jquery-ui-rails (~> 0.2.2)
      kaminari (~> 0.12)
      rack-pjax (~> 0.5)
      rails (~> 3.1)
      remotipart (~> 1.0)
      sass-rails (~> 3.1)
    railties (3.2.0)
      actionpack (= 3.2.0)
      activesupport (= 3.2.0)
      rack-ssl (~> 1.3.2)
      rake (>= 0.8.7)
      rdoc (~> 3.4)
      thor (~> 0.14.6)
    rake (0.9.2.2)
    rdoc (3.12)
      json (~> 1.4)
    remotipart (1.0.2)
    rmagick (2.13.1)
    sass (3.1.18)
    sass-rails (3.2.5)
      railties (~> 3.2.0)
      sass (>= 3.1.10)
      tilt (~> 1.3)
    sinatra (1.0)
      rack (>= 1.0)
    sprockets (2.1.3)
      hike (~> 1.2)
      rack (~> 1.0)
      tilt (~> 1.1, != 1.3.0)
    sqlite3 (1.3.6-x86-mingw32)
    squeel (1.0.1)
      activerecord (~> 3.0)
      activesupport (~> 3.0)
      polyamorous (~> 0.5.0)
    thor (0.14.6)
    tilt (1.3.3)
    tlsmail (0.0.1)
    treetop (1.4.10)
      polyglot
      polyglot (>= 0.3.1)
    tzinfo (0.3.33)
    uuidtools (2.1.2)
    warden (1.1.1)
      rack (>= 1.0)
    wicked (0.1.5)
      activesupport (>= 3.0.7)
      rails (>= 3.0.7)
    will_paginate (3.0.3)
    win32console (1.3.2-x86-mingw32)
    xml-simple (1.1.1)

PLATFORMS
  x86-mingw32

DEPENDENCIES
  aws-s3
  aws-sdk
  bootstrap-sass
  cancan
  classy_enum (~> 2.0.3)
  compass
  date_validator
  debugger
  delayed_job_active_record
  devise
  factory_girl_rails
  foreman
  geocoder
  hirefireapp
  icalendar
  jquery-rails
  jquery_datepicker
  jquery_mobile_rails
  mobylette (~> 2.3)
  mysql2
  newrelic_rpm
  nokogiri
  omniauth-facebook
  omniauth-google-oauth2
  omniauth-twitter
  paperclip
  rails (= 3.2.0)
  rails-footnotes
  rails_admin (~> 0.0.4)
  rmagick
  sass-rails (~> 3.2.3)
  sinatra (= 1.0)
  sqlite3
  squeel
  tlsmail
  wicked
  will_paginate (~> 3.0)
